PATH
  remote: .
  specs:
    semver2 (3.1.1)

GEM
  remote: http://rubygems.org/
  specs:

PLATFORMS
  ruby
  x86-mingw32

DEPENDENCIES
  semver2!
