PATH
  remote: .
  specs:
    semver2 (3.3.3)

GEM
  remote: http://rubygems.org/
  specs:
    diff-lcs (1.1.3)
    redcarpet (3.0.0)
    rspec (2.12.0)
      rspec-core (~> 2.12.0)
      rspec-expectations (~> 2.12.0)
      rspec-mocks (~> 2.12.0)
    rspec-core (2.12.2)
    rspec-expectations (2.12.1)
      diff-lcs (~> 1.1.3)
    rspec-mocks (2.12.2)
    yard (0.8.6.2)

PLATFORMS
  ruby
  x86-mingw32

DEPENDENCIES
  redcarpet
  rspec (~> 2.12.0)
  semver2!
  yard
